GEM
  remote: http://rubygems.org/
  specs:
    crack (0.1.6)
    git (1.2.5)
    httparty (0.5.2)
      crack (= 0.1.6)
    jeweler (1.5.1)
      bundler (~> 1.0.0)
      git (>= 1.2.5)
      rake
    mocha (0.9.10)
      rake
    rake (0.8.7)
    rcov (0.8.1.2.0)

PLATFORMS
  ruby

DEPENDENCIES
  bundler (~> 1.0.0)
  httparty
  jeweler (~> 1.5.1)
  mocha
  rcov
