GEM
  remote: http://rubygems.org/
  specs:
    crack (0.1.8)
    fakeweb (1.2.8)
    git (1.2.5)
    httparty (0.6.1)
      crack (= 0.1.8)
    jeweler (1.6.0)
      bundler (~> 1.0.0)
      git (>= 1.2.5)
      rake
    mocha (0.9.10)
      rake
    rake (0.8.7)
    rcov (0.9.9)

PLATFORMS
  ruby

DEPENDENCIES
  bundler (~> 1.0.0)
  fakeweb
  httparty
  jeweler (~> 1.6.0)
  mocha
  rcov (>= 0.9)
